GEM
  remote: http://rubygems.org/
  specs:
    minitest (5.11.3)
    minitest-rg (5.2.0)
      minitest (~> 5.0)
    rake (12.3.1)

PLATFORMS
  ruby

DEPENDENCIES
  minitest-rg
  rake

BUNDLED WITH
   1.14.3
