GEM
  remote: http://rubygems.org/
  specs:
    fuzzy_match (2.1.0)
    minitest (5.11.3)
    minitest-rg (5.2.0)
      minitest (~> 5.0)
    rake (12.3.1)

PLATFORMS
  ruby

DEPENDENCIES
  fuzzy_match
  minitest-rg
  rake

BUNDLED WITH
   1.16.6
